GEM
  remote: https://rubygems.org/
  specs:
    faraday (0.9.0)
      multipart-post (>= 1.2, < 3)
    mime-types (2.4.3)
    multipart-post (2.0.0)
    serialport (1.3.1)
    washbullet (0.3.1)
      faraday (~> 0.9.0)
      mime-types

PLATFORMS
  ruby

DEPENDENCIES
  serialport
  washbullet
